GEM
  remote: https://rubygems.org/
  specs:
    RedCloth (4.2.9)
    addressable (2.5.1)
      public_suffix (~> 2.0, >= 2.0.2)
    coderay (1.1.1)
    coffee-script (2.4.1)
      coffee-script-source
      execjs
    coffee-script-source (1.12.2)
    colorator (1.1.0)
    concurrent-ruby (1.0.5)
    execjs (2.7.0)
    extras (0.3.0)
      forwardable-extended (~> 2.5)
    fastimage (2.1.0)
    ffi (1.9.18)
    font-awesome-sass (4.7.0)
      sass (>= 3.2)
    forwardable-extended (2.6.0)
    gimli (0.5.9)
      RedCloth (~> 4.2.7)
      coderay (~> 1.1)
      github-markup (~> 1.3)
      nokogiri (~> 1.6.3)
      optiflag (~> 0.7)
      redcarpet (~> 3.2)
      wkhtmltopdf-binary (~> 0.9.9.3)
    github-markup (1.6.1)
    jekyll (3.5.1)
      addressable (~> 2.4)
      colorator (~> 1.0)
      jekyll-sass-converter (~> 1.0)
      jekyll-watch (~> 1.1)
      kramdown (~> 1.3)
      liquid (~> 4.0)
      mercenary (~> 0.3.3)
      pathutil (~> 0.9)
      rouge (~> 1.7)
      safe_yaml (~> 1.0)
    jekyll-archives (2.1.1)
      jekyll (>= 2.4)
    jekyll-assets (2.3.2)
      concurrent-ruby (~> 1.0)
      extras (~> 0.2)
      fastimage (~> 2.0, >= 1.8)
      jekyll (~> 3.1, >= 3.0)
      pathutil (>= 0.8)
      rack (~> 1.6)
      sprockets (~> 3.3, < 3.8)
    jekyll-newrelic (0.1.2)
      jekyll (~> 3.0)
    jekyll-redirect-from (0.12.1)
      jekyll (~> 3.3)
    jekyll-sass-converter (1.5.0)
      sass (~> 3.4)
    jekyll-sitemap (1.1.1)
      jekyll (~> 3.3)
    jekyll-watch (1.5.0)
      listen (~> 3.0, < 3.1)
    kramdown (1.14.0)
    liquid (4.0.0)
    listen (3.0.8)
      rb-fsevent (~> 0.9, >= 0.9.4)
      rb-inotify (~> 0.9, >= 0.9.7)
    mercenary (0.3.6)
    mini_portile2 (2.1.0)
    newrelic_rpm (4.2.0.334)
    nokogiri (1.6.8.1)
      mini_portile2 (~> 2.1.0)
    octopress-hooks (2.6.2)
      jekyll (>= 2.0)
    octopress-paginate (1.2.0)
      octopress-hooks
    optiflag (0.7)
    pathutil (0.14.0)
      forwardable-extended (~> 2.6)
    public_suffix (2.0.5)
    puma (3.9.1)
    rack (1.6.8)
    rack-anystatus (0.1.0)
      rack (~> 1.6)
    rack-contrib (1.5.0)
      rack (~> 1.4)
    rack-robotz (0.0.4)
      rack
    rake (12.0.0)
    rb-fsevent (0.10.2)
    rb-inotify (0.9.10)
      ffi (>= 0.5.0, < 2)
    redcarpet (3.4.0)
    rouge (1.11.1)
    safe_yaml (1.0.4)
    sass (3.5.1)
      sass-listen (~> 4.0.0)
    sass-listen (4.0.0)
      rb-fsevent (~> 0.9, >= 0.9.4)
      rb-inotify (~> 0.9, >= 0.9.7)
    sprockets (3.7.1)
      concurrent-ruby (~> 1.0)
      rack (> 1, < 3)
    wkhtmltopdf-binary (0.9.9.3)
    yui-compressor (0.12.0)

PLATFORMS
  ruby

DEPENDENCIES
  coffee-script
  execjs
  font-awesome-sass
  gimli
  jekyll
  jekyll-archives
  jekyll-assets
  jekyll-newrelic
  jekyll-redirect-from
  jekyll-sitemap
  kramdown
  newrelic_rpm
  octopress-paginate
  puma
  rack-anystatus
  rack-contrib
  rack-robotz
  rake
  rouge
  sass
  yui-compressor

RUBY VERSION
   ruby 2.4.1p111

BUNDLED WITH
   2.2.4
